PATH
  remote: .
  specs:
    TrainBBCode (1.1.0)
      coderay

GEM
  remote: http://rubygems.org/
  specs:
    coderay (0.9.7)
    diff-lcs (1.1.2)
    rspec (2.3.0)
      rspec-core (~> 2.3.0)
      rspec-expectations (~> 2.3.0)
      rspec-mocks (~> 2.3.0)
    rspec-core (2.3.1)
    rspec-expectations (2.3.0)
      diff-lcs (~> 1.1.2)
    rspec-mocks (2.3.0)

PLATFORMS
  ruby

DEPENDENCIES
  TrainBBCode!
  rspec
